GEM
  remote: https://rubygems.org/
  specs:
    digest (3.1.1)

PLATFORMS
  ruby

DEPENDENCIES
  digest (~> 3.1, >= 3.1.1)

BUNDLED WITH
   1.17.2
